GEM
  remote: https://rubygems.org/
  specs:
    concurrent-ruby (1.0.2)
    foreman (0.82.0)
      thor (~> 0.19.1)
    thor (0.19.1)

PLATFORMS
  ruby

DEPENDENCIES
  concurrent-ruby
  foreman

BUNDLED WITH
   1.13.2
